GIT
  remote: git://github.com/simulacre/sinatra-websocket.git
  revision: 4cb0135e030fa92dcc0f8473e7524ecb2f018a82
  specs:
    sinatra-websocket (0.2.1)
      em-websocket (~> 0.3.6)
      eventmachine
      thin (>= 1.3.1)

GEM
  remote: https://rubygems.org/
  specs:
    addressable (2.3.3)
    aws-sdk (1.8.3.1)
      json (~> 1.4)
      nokogiri (>= 1.4.4)
      uuidtools (~> 2.1)
    bcrypt-ruby (3.0.1)
    daemons (1.1.9)
    em-websocket (0.3.8)
      addressable (>= 2.1.1)
      eventmachine (>= 0.12.9)
    eventmachine (1.0.3)
    hiredis (0.4.5)
    json (1.7.7)
    nokogiri (1.5.6)
    rack (1.5.2)
    rack-protection (1.4.0)
      rack
    rack-ssl (1.3.3)
      rack
    redis (3.0.3)
    shotgun (0.9)
      rack (>= 1.0)
    sinatra (1.3.5)
      rack (~> 1.4)
      rack-protection (~> 1.3)
      tilt (~> 1.3, >= 1.3.3)
    sinatra-cross_origin (0.2.0)
    thin (1.5.1)
      daemons (>= 1.0.9)
      eventmachine (>= 0.12.6)
      rack (>= 1.0.0)
    tilt (1.3.5)
    trollop (2.0)
    uuidtools (2.1.3)
    yajl-ruby (1.1.0)

PLATFORMS
  ruby

DEPENDENCIES
  aws-sdk
  bcrypt-ruby
  hiredis
  rack-ssl
  redis
  shotgun
  sinatra
  sinatra-cross_origin
  sinatra-websocket!
  thin
  trollop
  uuidtools
  yajl-ruby
